PATH
  remote: .
  specs:
    draught (0.1.0)
      prawn (~> 2.1)

GEM
  remote: https://rubygems.org/
  specs:
    diff-lcs (1.3)
    docile (1.1.5)
    json (2.1.0)
    pdf-core (0.7.0)
    prawn (2.2.0)
      pdf-core (~> 0.7.0)
      ttfunk (~> 1.5)
    rake (10.5.0)
    rspec (3.5.0)
      rspec-core (~> 3.5.0)
      rspec-expectations (~> 3.5.0)
      rspec-mocks (~> 3.5.0)
    rspec-core (3.5.4)
      rspec-support (~> 3.5.0)
    rspec-expectations (3.5.0)
      diff-lcs (>= 1.2.0, < 2.0)
      rspec-support (~> 3.5.0)
    rspec-mocks (3.5.0)
      diff-lcs (>= 1.2.0, < 2.0)
      rspec-support (~> 3.5.0)
    rspec-support (3.5.0)
    simplecov (0.14.1)
      docile (~> 1.1.0)
      json (>= 1.8, < 3)
      simplecov-html (~> 0.10.0)
    simplecov-html (0.10.1)
    ttfunk (1.5.1)

PLATFORMS
  ruby

DEPENDENCIES
  bundler (~> 1.14)
  draught!
  rake (~> 10.0)
  rspec (~> 3.0)
  simplecov

BUNDLED WITH
   1.15.1
